NUGET
  remote: https://nuget.org/api/v2
  specs:
    FAKE (3.7.1)
    FSharp.Compiler.Service (0.0.67)
    FSharp.Data (2.0.15)
      Zlib.Portable (>= 1.10.0)
    FSharp.Formatting (2.4.33)
      FSharp.Compiler.Service (>= 0.0.62)
      Microsoft.AspNet.Razor (2.0.30506.0)
      RazorEngine (3.3.0)
    Microsoft.AspNet.Razor (2.0.30506.0)
    Microsoft.AspNet.WebApi.Client (5.2.2)
      Microsoft.Net.Http (>= 2.2.22)
      Newtonsoft.Json (>= 6.0.4)
    Microsoft.AspNet.WebApi.Core (5.2.2)
      Microsoft.AspNet.WebApi.Client (>= 5.2.2)
    Microsoft.AspNet.WebApi.Owin (5.2.2)
      Microsoft.AspNet.WebApi.Core (>= 5.2.2, <  5.3.0)
      Microsoft.Owin (>= 2.0.2)
      Owin (>= 1.0)
    Microsoft.Bcl (1.1.9)
      Microsoft.Bcl.Build (>= 1.0.14)
    Microsoft.Bcl.Build (1.0.21)
    Microsoft.Net.Http (2.2.28)
      Microsoft.Bcl (>= 1.1.9)
      Microsoft.Bcl.Build (>= 1.0.14)
    Microsoft.Owin (3.0.0)
      Owin (>= 1.0)
    Microsoft.Owin.Host.SystemWeb (3.0.0)
      Microsoft.Owin (>= 3.0.0)
      Owin (>= 1.0)
    Microsoft.Owin.Hosting (3.0.0)
      Microsoft.Owin (>= 3.0.0)
      Owin (>= 1.0)
    Microsoft.Owin.Testing (3.0.0)
      Microsoft.Owin.Hosting (>= 3.0.0)
      Owin (>= 1.0)
    Newtonsoft.Json (6.0.5)
    NuGet.CommandLine (2.8.2)
    NUnit (2.6.3)
    NUnit.Runners (2.6.3)
    Octokit (0.5.2)
      Microsoft.Net.Http (>= 0)
    Owin (1.0)
    RazorEngine (3.3.0)
      Microsoft.AspNet.Razor (>= 2.0.30506.0)
    SourceLink.Fake (0.4.0)
    Unquote (2.2.2)
    Zlib.Portable (1.10.0)
GITHUB
  remote: fsharp/FAKE
  specs:
    modules/Octokit/Octokit.fsx (54efe1c312c5fbf5dce3b50bf28a1bdd68215819)
      Octokit (>= 0)